GEM
  remote: http://rubygems.org/
  specs:
    ADB (0.5.5)
      childprocess (>= 0.3.5)
    brazenhead (0.4.8)
      childprocess (>= 0.3.5)
    builder (3.2.2)
    childprocess (0.3.9)
      ffi (~> 1.0, >= 1.0.11)
    cucumber (1.3.2)
      builder (>= 2.1.2)
      diff-lcs (>= 1.1.3)
      gherkin (~> 2.12.0)
      multi_json (~> 1.3)
    data_magic (0.15.2)
      faker (>= 1.1.2)
      yml_reader (>= 0.2)
    diff-lcs (1.2.4)
    faker (1.1.2)
      i18n (~> 0.5)
    ffi (1.9.0)
    gametel (0.7)
      ADB (>= 0.5.5)
      brazenhead (>= 0.4.7)
      page_navigation (>= 0.7)
    gherkin (2.12.0)
      multi_json (~> 1.3)
    i18n (0.6.4)
    multi_json (1.7.7)
    page_navigation (0.9)
      data_magic (>= 0.14)
    rake (10.1.0)
    require_all (1.2.1)
    rspec (2.14.1)
      rspec-core (~> 2.14.0)
      rspec-expectations (~> 2.14.0)
      rspec-mocks (~> 2.14.0)
    rspec-core (2.14.4)
    rspec-expectations (2.14.0)
      diff-lcs (>= 1.1.3, < 2.0)
    rspec-mocks (2.14.1)
    yml_reader (0.2)

PLATFORMS
  ruby

DEPENDENCIES
  cucumber
  gametel
  rake
  require_all
  rspec
